PATH
  remote: .
  specs:
    mercadopago-sdk (1.2.1)
      json

GEM
  remote: https://rubygems.org/
  specs:
    coderay (1.0.9)
    json (2.3.0)
    method_source (0.8.1)
    pry (0.9.12)
      coderay (~> 1.0.5)
      method_source (~> 0.8)
      slop (~> 3.4)
    rake (10.0.3)
    slop (3.4.4)

PLATFORMS
  ruby

DEPENDENCIES
  mercadopago-sdk!
  pry
  rake

BUNDLED WITH
   2.0.2
